PATH
  remote: .
  specs:
    sanger_warren (0.1.0)
      bunny (~> 2.17.0)
      connection_pool (~> 2.2.0)
      multi_json (~> 1.0)

GEM
  remote: https://rubygems.org/
  specs:
    amq-protocol (2.3.2)
    ast (2.4.1)
    bunny (2.17.0)
      amq-protocol (~> 2.3, >= 2.3.1)
    coderay (1.1.2)
    connection_pool (2.2.3)
    diff-lcs (1.4.4)
    docile (1.3.2)
    method_source (0.9.2)
    multi_json (1.13.1)
    parallel (1.19.2)
    parser (2.7.2.0)
      ast (~> 2.4.1)
    pry (0.12.2)
      coderay (~> 1.1.0)
      method_source (~> 0.9.0)
    rainbow (3.0.0)
    rake (12.3.3)
    regexp_parser (1.8.2)
    rexml (3.2.4)
    rspec (3.9.0)
      rspec-core (~> 3.9.0)
      rspec-expectations (~> 3.9.0)
      rspec-mocks (~> 3.9.0)
    rspec-core (3.9.3)
      rspec-support (~> 3.9.3)
    rspec-expectations (3.9.2)
      diff-lcs (>= 1.2.0, < 2.0)
      rspec-support (~> 3.9.0)
    rspec-mocks (3.9.1)
      diff-lcs (>= 1.2.0, < 2.0)
      rspec-support (~> 3.9.0)
    rspec-support (3.9.3)
    rubocop (1.0.0)
      parallel (~> 1.10)
      parser (>= 2.7.1.5)
      rainbow (>= 2.2.2, < 4.0)
      regexp_parser (>= 1.8)
      rexml
      rubocop-ast (>= 0.6.0)
      ruby-progressbar (~> 1.7)
      unicode-display_width (>= 1.4.0, < 2.0)
    rubocop-ast (1.0.0)
      parser (>= 2.7.1.5)
    ruby-progressbar (1.10.1)
    simplecov (0.19.0)
      docile (~> 1.1)
      simplecov-html (~> 0.11)
    simplecov-html (0.12.3)
    unicode-display_width (1.7.0)
    yard (0.9.25)

PLATFORMS
  ruby

DEPENDENCIES
  pry
  rake (~> 12.0)
  rspec (~> 3.0)
  rubocop
  sanger_warren!
  simplecov
  yard

BUNDLED WITH
   2.1.4
